GEM
  specs:
    bond (0.5.1)
    data_uri (0.1.0)
    ffi (1.9.18)
    ffi-rzmq (2.0.5)
      ffi-rzmq-core (>= 1.0.6)
    ffi-rzmq-core (1.0.6)
      ffi
    iruby (0.3)
      bond (~> 0.5)
      data_uri (~> 0.1)
      mimemagic (~> 0.3)
      multi_json (~> 1.11)
    mimemagic (0.3.2)
    multi_json (1.13.1)
    nyaplot (0.1.6)

PLATFORMS
  ruby

DEPENDENCIES
  ffi-rzmq
  iruby
  nyaplot

BUNDLED WITH
   1.16.1
